GEM
  remote: http://rubygems.org/
  specs:
    jmongo (1.1.5)
      require_all (~> 1.2)
    require_all (1.2.1)

PLATFORMS
  java

DEPENDENCIES
  jmongo
