GEM
  remote: http://rubygems.org/
  specs:
    bson (1.7.0-java)
    mongo (1.7.0)
      bson (~> 1.7.0)
    require_all (1.2.1)

PLATFORMS
  java

DEPENDENCIES
  mongo
  require_all
