GEM
  remote: http://rubygems.org/
  specs:
    bson (1.6.4-java)
    mongo (1.6.4)
      bson (~> 1.6.4)

PLATFORMS
  java

DEPENDENCIES
  mongo
